GEM
  remote: http://rubygems.org/
  specs:
    childprocess (0.5.6)
      ffi (~> 1.0, >= 1.0.11)
    daemons (1.2.2)
    diff-lcs (1.2.5)
    eventmachine (1.0.7)
    ffi (1.9.8)
    json_pure (1.8.2)
    membrane (1.1.0)
    multi_json (1.11.0)
    mysql2 (0.3.18)
    nats (0.5.0.beta.16)
      daemons (~> 1.1, >= 1.1.9)
      eventmachine (~> 1.0, >= 1.0.3)
      json_pure (~> 1.8, >= 1.8.1)
      thin (~> 1.6, >= 1.6.3)
    net-sftp (2.1.2)
      net-ssh (>= 2.6.5)
    net-ssh (2.9.2)
    parse-cron (0.1.4)
    pg (0.18.2)
    rack (1.6.1)
    rack-protection (1.5.3)
      rack
    rack-ssl (1.4.1)
      rack
    rspec (2.14.1)
      rspec-core (~> 2.14.0)
      rspec-expectations (~> 2.14.0)
      rspec-mocks (~> 2.14.0)
    rspec-core (2.14.8)
    rspec-expectations (2.14.5)
      diff-lcs (>= 1.1.3, < 2.0)
    rspec-mocks (2.14.6)
    rubyzip (1.1.7)
    selenium-webdriver (2.42.0)
      childprocess (>= 0.5.0)
      multi_json (~> 1.0)
      rubyzip (~> 1.0)
      websocket (~> 1.0.4)
    sequel (4.22.0)
    sequel_pg (1.6.12)
      pg (>= 0.8.0)
      sequel (>= 3.39.0)
    sinatra (1.4.6)
      rack (~> 1.4)
      rack-protection (~> 1.4)
      tilt (>= 1.3, < 3)
    sqlite3 (1.3.10)
    thin (1.6.3)
      daemons (~> 1.0, >= 1.0.9)
      eventmachine (~> 1.0)
      rack (~> 1.0)
    tilt (2.0.1)
    websocket (1.0.7)
    yajl-ruby (1.2.1)

PLATFORMS
  ruby

DEPENDENCIES
  membrane (= 1.1.0)
  mysql2 (= 0.3.18)
  nats (= 0.5.0.beta.16)
  net-sftp (= 2.1.2)
  parse-cron (= 0.1.4)
  rack-ssl (= 1.4.1)
  rspec (= 2.14.1)
  selenium-webdriver (= 2.42.0)
  sequel (= 4.22.0)
  sequel_pg (= 1.6.12)
  sinatra (= 1.4.6)
  sqlite3 (= 1.3.10)
  yajl-ruby (= 1.2.1)
